PATH
  remote: .
  specs:
    stevenson (0.9.3)
      haml (>= 3.0.24)
      kramdown
      rack
      sinatra (>= 1.1.0)

GEM
  remote: https://rubygems.org/
  specs:
    haml (3.1.7)
    kramdown (0.13.8)
    rack (1.5.1)
    rack-protection (1.3.2)
      rack
    sinatra (1.3.4)
      rack (~> 1.4)
      rack-protection (~> 1.3)
      tilt (~> 1.3, >= 1.3.3)
    tilt (1.3.3)

PLATFORMS
  ruby

DEPENDENCIES
  stevenson!
